PATH
  remote: .
  specs:
    xat (1.32.0)
      faraday (~> 0.9.2)
      rubyzip (~> 0.9.1)
      sinatra (~> 1.4.6)
      thor (~> 0.18.1)
      xat_support (~> 1.29.3)

GEM
  remote: https://rubygems.org/
  specs:
    addressable (2.4.0)
    aruba (0.8.1)
      childprocess (~> 0.5.6)
      contracts (~> 0.9)
      cucumber (>= 1.3.19)
      rspec-expectations (>= 2.99)
    babel-source (5.8.35)
    babel-transpiler (0.7.0)
      babel-source (>= 4.0, < 6)
      execjs (~> 2.0)
    builder (3.2.2)
    bump (0.5.3)
    childprocess (0.5.9)
      ffi (~> 1.0, >= 1.0.11)
    contracts (0.14.0)
    crack (0.4.3)
      safe_yaml (~> 1.0.0)
    cucumber (2.3.3)
      builder (>= 2.1.2)
      cucumber-core (~> 1.4.0)
      cucumber-wire (~> 0.0.1)
      diff-lcs (>= 1.1.3)
      gherkin (~> 3.2.0)
      multi_json (>= 1.7.5, < 2.0)
      multi_test (>= 0.1.2)
    cucumber-core (1.4.0)
      gherkin (~> 3.2.0)
    cucumber-wire (0.0.1)
    diff-lcs (1.2.5)
    erubis (2.7.0)
    eslintrb (2.0.4)
      execjs
      multi_json (>= 1.3)
      rake
    execjs (2.7.0)
    faraday (0.9.2)
      multipart-post (>= 1.2, < 3)
    ffi (1.9.10)
    gherkin (3.2.0)
    hashdiff (0.3.0)
    i18n (0.7.0)
    image_size (1.4.2)
    json (1.8.3)
    json-stream (0.2.1)
    libv8 (3.16.14.15)
    multi_json (1.12.1)
    multi_test (0.1.2)
    multipart-post (2.0.0)
    rack (1.6.4)
    rack-protection (1.5.3)
      rack
    rake (11.1.2)
    ref (2.0.0)
    rspec (3.4.0)
      rspec-core (~> 3.4.0)
      rspec-expectations (~> 3.4.0)
      rspec-mocks (~> 3.4.0)
    rspec-core (3.4.4)
      rspec-support (~> 3.4.0)
    rspec-expectations (3.4.0)
      diff-lcs (>= 1.2.0, < 2.0)
      rspec-support (~> 3.4.0)
    rspec-mocks (3.4.1)
      diff-lcs (>= 1.2.0, < 2.0)
      rspec-support (~> 3.4.0)
    rspec-support (3.4.1)
    rubyzip (0.9.9)
    safe_yaml (1.0.4)
    sass (3.4.22)
    sinatra (1.4.7)
      rack (~> 1.5)
      rack-protection (~> 1.4)
      tilt (>= 1.3, < 3)
    therubyracer (0.12.2)
      libv8 (~> 3.16.14.0)
      ref
    thor (0.18.1)
    tilt (2.0.5)
    webmock (2.0.3)
      addressable (>= 2.3.6)
      crack (>= 0.3.2)
      hashdiff
    xat_support (1.29.3)
      babel-transpiler
      erubis
      eslintrb (~> 2.0.2)
      i18n
      image_size
      json
      json-stream
      sass
      therubyracer

PLATFORMS
  ruby

DEPENDENCIES
  aruba
  bump
  cucumber
  rspec
  webmock
  xat!

BUNDLED WITH
   1.12.2
