PATH
  remote: .
  specs:
    zendesk_apps_support (0.3.3)
      erubis
      i18n
      jshintrb (= 0.1.6)
      json (~> 1.7.7)
      multi_json
      sass

GEM
  remote: https://rubygems.org/
  specs:
    diff-lcs (1.1.3)
    erubis (2.7.0)
    execjs (1.4.0)
      multi_json (~> 1.0)
    i18n (0.6.1)
    jshintrb (0.1.6)
      execjs
      multi_json (>= 1.3)
      rake
    json (1.7.7)
    multi_json (1.6.1)
    rake (10.0.3)
    rspec (2.12.0)
      rspec-core (~> 2.12.0)
      rspec-expectations (~> 2.12.0)
      rspec-mocks (~> 2.12.0)
    rspec-core (2.12.0)
    rspec-expectations (2.12.0)
      diff-lcs (~> 1.1.3)
    rspec-mocks (2.12.0)
    sass (3.2.5)

PLATFORMS
  ruby

DEPENDENCIES
  rspec
  zendesk_apps_support!
